GIT
  remote: https://github.com/rails/rails.git
  revision: 6b042adb87701ad46c8d9f7cb681aa335f08349c
  branch: main
  specs:
    actioncable (7.1.0.alpha)
      actionpack (= 7.1.0.alpha)
      activesupport (= 7.1.0.alpha)
      nio4r (~> 2.0)
      websocket-driver (>= 0.6.1)
      zeitwerk (~> 2.6)
    actionmailbox (7.1.0.alpha)
      actionpack (= 7.1.0.alpha)
      activejob (= 7.1.0.alpha)
      activerecord (= 7.1.0.alpha)
      activestorage (= 7.1.0.alpha)
      activesupport (= 7.1.0.alpha)
      mail (>= 2.7.1)
      net-imap
      net-pop
      net-smtp
    actionmailer (7.1.0.alpha)
      actionpack (= 7.1.0.alpha)
      actionview (= 7.1.0.alpha)
      activejob (= 7.1.0.alpha)
      activesupport (= 7.1.0.alpha)
      mail (~> 2.5, >= 2.5.4)
      net-imap
      net-pop
      net-smtp
      rails-dom-testing (~> 2.0)
    actionpack (7.1.0.alpha)
      actionview (= 7.1.0.alpha)
      activesupport (= 7.1.0.alpha)
      rack (~> 2.0, >= 2.2.0)
      rack-test (>= 0.6.3)
      rails-dom-testing (~> 2.0)
      rails-html-sanitizer (~> 1.0, >= 1.2.0)
    actiontext (7.1.0.alpha)
      actionpack (= 7.1.0.alpha)
      activerecord (= 7.1.0.alpha)
      activestorage (= 7.1.0.alpha)
      activesupport (= 7.1.0.alpha)
      globalid (>= 0.6.0)
      nokogiri (>= 1.8.5)
    actionview (7.1.0.alpha)
      activesupport (= 7.1.0.alpha)
      builder (~> 3.1)
      erubi (~> 1.4)
      rails-dom-testing (~> 2.0)
      rails-html-sanitizer (~> 1.1, >= 1.2.0)
    activejob (7.1.0.alpha)
      activesupport (= 7.1.0.alpha)
      globalid (>= 0.3.6)
    activemodel (7.1.0.alpha)
      activesupport (= 7.1.0.alpha)
    activerecord (7.1.0.alpha)
      activemodel (= 7.1.0.alpha)
      activesupport (= 7.1.0.alpha)
    activestorage (7.1.0.alpha)
      actionpack (= 7.1.0.alpha)
      activejob (= 7.1.0.alpha)
      activerecord (= 7.1.0.alpha)
      activesupport (= 7.1.0.alpha)
      marcel (~> 1.0)
      mini_mime (>= 1.1.0)
    activesupport (7.1.0.alpha)
      concurrent-ruby (~> 1.0, >= 1.0.2)
      connection_pool (>= 2.2.5)
      i18n (>= 1.6, < 2)
      minitest (>= 5.1)
      tzinfo (~> 2.0)
    rails (7.1.0.alpha)
      actioncable (= 7.1.0.alpha)
      actionmailbox (= 7.1.0.alpha)
      actionmailer (= 7.1.0.alpha)
      actionpack (= 7.1.0.alpha)
      actiontext (= 7.1.0.alpha)
      actionview (= 7.1.0.alpha)
      activejob (= 7.1.0.alpha)
      activemodel (= 7.1.0.alpha)
      activerecord (= 7.1.0.alpha)
      activestorage (= 7.1.0.alpha)
      activesupport (= 7.1.0.alpha)
      bundler (>= 1.15.0)
      railties (= 7.1.0.alpha)
    railties (7.1.0.alpha)
      actionpack (= 7.1.0.alpha)
      activesupport (= 7.1.0.alpha)
      method_source
      rake (>= 12.2)
      thor (~> 1.0)
      zeitwerk (~> 2.6)

GEM
  remote: https://rubygems.org/
  specs:
    bootsnap (1.13.0)
      msgpack (~> 1.2)
    builder (3.2.4)
    concurrent-ruby (1.1.10)
    connection_pool (2.2.5)
    crass (1.0.6)
    debug (1.6.1)
      irb (>= 1.3.6)
      reline (>= 0.3.1)
    digest (3.1.0)
    erubi (1.10.0)
    globalid (1.0.0)
      activesupport (>= 5.0)
    i18n (1.12.0)
      concurrent-ruby (~> 1.0)
    io-console (0.5.11)
    irb (1.4.1)
      reline (>= 0.3.0)
    loofah (2.18.0)
      crass (~> 1.0.2)
      nokogiri (>= 1.5.9)
    mail (2.7.1)
      mini_mime (>= 0.1.1)
    marcel (1.0.2)
    method_source (1.0.0)
    mini_mime (1.1.2)
    minitest (5.16.2)
    msgpack (1.5.4)
    net-imap (0.2.3)
      digest
      net-protocol
      strscan
    net-pop (0.1.1)
      digest
      net-protocol
      timeout
    net-protocol (0.1.3)
      timeout
    net-smtp (0.3.1)
      digest
      net-protocol
      timeout
    nio4r (2.5.8)
    nokogiri (1.13.8-x86_64-linux)
      racc (~> 1.4)
    pg (1.4.2)
    puma (5.6.4)
      nio4r (~> 2.0)
    racc (1.6.0)
    rack (2.2.4)
    rack-test (2.0.2)
      rack (>= 1.3)
    rails-dom-testing (2.0.3)
      activesupport (>= 4.2.0)
      nokogiri (>= 1.6)
    rails-html-sanitizer (1.4.3)
      loofah (~> 2.3)
    rake (13.0.6)
    reline (0.3.1)
      io-console (~> 0.5)
    sqlite3 (1.4.4)
    strscan (3.0.4)
    thor (1.2.1)
    timeout (0.3.0)
    tzinfo (2.0.5)
      concurrent-ruby (~> 1.0)
    websocket-driver (0.7.5)
      websocket-extensions (>= 0.1.0)
    websocket-extensions (0.1.5)
    zeitwerk (2.6.0)

PLATFORMS
  x86_64-linux

DEPENDENCIES
  bootsnap
  debug
  pg (~> 1.1)
  puma (~> 5.0)
  rails!
  sqlite3 (~> 1.4)
  tzinfo-data

RUBY VERSION
   ruby 3.0.1p64

BUNDLED WITH
   2.2.19
