GEM
  remote: https://rubygems.org/
  specs:
    byebug (11.1.3)
    connection_pool (2.3.0)
    discordrb (3.4.0)
      discordrb-webhooks (~> 3.3.0)
      ffi (>= 1.9.24)
      opus-ruby
      rest-client (>= 2.0.0)
      websocket-client-simple (>= 0.3.0)
    discordrb-webhooks (3.3.0)
      rest-client (>= 2.1.0.rc1)
    domain_name (0.5.20190701)
      unf (>= 0.0.5, < 1.0.0)
    event_emitter (0.2.6)
    ffi (1.15.5)
    http-accept (1.7.0)
    http-cookie (1.0.5)
      domain_name (~> 0.5)
    json (2.6.2)
    jwt (2.5.0)
    mime-types (3.4.1)
      mime-types-data (~> 3.2015)
    mime-types-data (3.2022.0105)
    mustermann (3.0.0)
      ruby2_keywords (~> 0.0.1)
    netrc (0.11.0)
    nio4r (2.5.8)
    opus-ruby (1.0.1)
      ffi
    puma (6.0.0)
      nio4r (~> 2.0)
    rack (2.2.4)
    rack-protection (3.0.4)
      rack
    redis (5.0.5)
      redis-client (>= 0.9.0)
    redis-client (0.11.2)
      connection_pool
    rest-client (2.1.0)
      http-accept (>= 1.7.0, < 2.0)
      http-cookie (>= 1.0.2, < 2.0)
      mime-types (>= 1.16, < 4.0)
      netrc (~> 0.8)
    ruby2_keywords (0.0.5)
    sinatra (3.0.4)
      mustermann (~> 3.0)
      rack (~> 2.2, >= 2.2.4)
      rack-protection (= 3.0.4)
      tilt (~> 2.0)
    tilt (2.0.11)
    unf (0.1.4)
      unf_ext
    unf_ext (0.0.8.2)
    websocket (1.2.9)
    websocket-client-simple (0.6.0)
      event_emitter
      websocket

PLATFORMS
  x86_64-linux

DEPENDENCIES
  byebug
  discordrb
  json
  jwt
  puma
  redis
  rest-client
  sinatra

RUBY VERSION
   ruby 3.1.2p20

BUNDLED WITH
   2.3.26
